GEM
  remote: http://rubygems.org/
  specs:
    addressable (2.3.2)
    archive-tar-minitar (0.5.2)
    columnize (0.3.6)
    crack (0.3.2)
    diff-lcs (1.1.3)
    git (1.2.5)
    httparty (0.10.0)
      multi_json (~> 1.0)
      multi_xml
    jeweler (1.8.4)
      bundler (~> 1.0)
      git (>= 1.2.5)
      rake
      rdoc
    json (1.7.6)
    linecache19 (0.5.12)
      ruby_core_source (>= 0.1.4)
    multi_json (1.5.0)
    multi_xml (0.5.2)
    rake (10.0.3)
    rdoc (3.12)
      json (~> 1.4)
    rspec (2.12.0)
      rspec-core (~> 2.12.0)
      rspec-expectations (~> 2.12.0)
      rspec-mocks (~> 2.12.0)
    rspec-core (2.12.2)
    rspec-expectations (2.12.1)
      diff-lcs (~> 1.1.3)
    rspec-mocks (2.12.1)
    ruby-debug-base19 (0.11.25)
      columnize (>= 0.3.1)
      linecache19 (>= 0.5.11)
      ruby_core_source (>= 0.1.4)
    ruby-debug19 (0.11.6)
      columnize (>= 0.3.1)
      linecache19 (>= 0.5.11)
      ruby-debug-base19 (>= 0.11.19)
    ruby_core_source (0.1.5)
      archive-tar-minitar (>= 0.5.2)
    webmock (1.9.0)
      addressable (>= 2.2.7)
      crack (>= 0.1.7)

PLATFORMS
  ruby

DEPENDENCIES
  bundler
  httparty
  jeweler
  rake
  rspec
  ruby-debug19
  webmock
